PATH
  remote: .
  specs:
    geode (0.3.0)
      pg (~> 1.0)
      redis (~> 4.0)
      sequel (~> 5.0)

GEM
  remote: https://rubygems.org/
  specs:
    docile (1.4.0)
    minitest (5.14.4)
    pg (1.2.3)
    rake (13.0.6)
    redis (4.5.0)
    sequel (5.49.0)
    simplecov (0.21.2)
      docile (~> 1.1)
      simplecov-html (~> 0.11)
      simplecov_json_formatter (~> 0.1)
    simplecov-html (0.12.3)
    simplecov_json_formatter (0.1.3)

PLATFORMS
  x86_64-linux

DEPENDENCIES
  geode!
  minitest (~> 5.0)
  rake (~> 13.0)
  simplecov

BUNDLED WITH
   2.2.15
