PATH
  remote: .
  specs:
    geode (0.3.0)
      pg (~> 1.0)
      redis (~> 4.0)
      sequel (~> 5.0)

GEM
  remote: https://rubygems.org/
  specs:
    minitest (5.14.4)
    pg (1.2.3)
    rake (13.0.6)
    redis (4.5.0)
    sequel (5.49.0)

PLATFORMS
  x86_64-linux

DEPENDENCIES
  geode!
  minitest (~> 5.0)
  rake (~> 13.0)

BUNDLED WITH
   2.2.15
