PATH
  remote: .
  specs:
    geode (0.5.0)
      pg (~> 1.0)
      redis (~> 4.0)
      sequel (~> 5.0)

GEM
  remote: https://rubygems.org/
  specs:
    docile (1.4.0)
    minitest (5.15.0)
    pg (1.3.1)
    redis (4.6.0)
    sequel (5.53.0)
    simplecov (0.21.2)
      docile (~> 1.1)
      simplecov-html (~> 0.11)
      simplecov_json_formatter (~> 0.1)
    simplecov-html (0.12.3)
    simplecov_json_formatter (0.1.3)

PLATFORMS
  x86_64-linux

DEPENDENCIES
  geode!
  minitest (~> 5.0)
  simplecov

BUNDLED WITH
   2.3.7
